GEM
  remote: https://rubygems.org/
  specs:
    coderay (1.1.2)
    method_source (0.9.2)
    pry (0.12.2)
      coderay (~> 1.1.0)
      method_source (~> 0.9.0)
    rake (12.3.2)
    rubyzip (1.2.2)
    sqlite3 (1.4.0)

PLATFORMS
  ruby

DEPENDENCIES
  pry
  rake
  rubyzip
  sqlite3

RUBY VERSION
   ruby 2.6.2p47

BUNDLED WITH
   2.0.1
