GEM
  remote: https://rubygems.org/
  specs:
    coderay (1.1.3)
    method_source (1.0.0)
    pry (0.13.1)
      coderay (~> 1.1)
      method_source (~> 1.0)
    rake (13.0.1)
    rubyzip (2.3.0)
    sqlite3 (1.4.2)

PLATFORMS
  ruby

DEPENDENCIES
  pry
  rake
  rubyzip
  sqlite3

BUNDLED WITH
   2.1.4
